GIT
  remote: https://github.com/chewi/bzip2-ruby.git
  revision: 92d492c2b40c32a5c039314666655ebc2f52a817
  specs:
    bzip2-ruby (0.2.7)

GEM
  remote: https://rubygems.org/
  specs:
    parallel (1.6.0)

PLATFORMS
  ruby

DEPENDENCIES
  bzip2-ruby!
  parallel

BUNDLED WITH
   1.10.6
